PATH
  remote: .
  specs:
    fluent-plugin-label-router (0.3.0)
      concurrent-ruby
      fluentd (>= 0.14.10, < 2)
      prometheus-client (>= 2.1.0)

GEM
  remote: https://rubygems.org/
  specs:
    base64 (0.2.0)
    concurrent-ruby (1.3.1)
    cool.io (1.8.1)
    csv (3.3.0)
    drb (2.2.1)
    fluentd (1.17.0)
      base64 (~> 0.2)
      bundler
      cool.io (>= 1.4.5, < 2.0.0)
      csv (~> 3.2)
      drb (~> 2.2)
      http_parser.rb (>= 0.5.1, < 0.9.0)
      msgpack (>= 1.3.1, < 2.0.0)
      serverengine (>= 2.3.2, < 3.0.0)
      sigdump (~> 0.2.5)
      strptime (>= 0.2.4, < 1.0.0)
      tzinfo (>= 1.0, < 3.0)
      tzinfo-data (~> 1.0)
      webrick (~> 1.4)
      yajl-ruby (~> 1.0)
    http_parser.rb (0.8.0)
    msgpack (1.7.2)
    power_assert (2.0.3)
    prometheus-client (4.2.2)
    rake (12.3.3)
    serverengine (2.3.2)
      sigdump (~> 0.2.2)
    sigdump (0.2.5)
    strptime (0.2.5)
    test-unit (3.6.2)
      power_assert
    tzinfo (2.0.6)
      concurrent-ruby (~> 1.0)
    tzinfo-data (1.2024.1)
      tzinfo (>= 1.0.0)
    webrick (1.8.2)
    yajl-ruby (1.4.3)

PLATFORMS
  ruby

DEPENDENCIES
  fluent-plugin-label-router!
  rake (~> 12.0)
  test-unit (~> 3.0)

BUNDLED WITH
   2.1.4
